GEM
  specs:
    uci (0.0.2)

PLATFORMS
  ruby

DEPENDENCIES
  uci

BUNDLED WITH
   1.14.3
